GEM
  remote: https://rubygems.org/
  specs:
    actionpack (3.2.14)
      activemodel (= 3.2.14)
      activesupport (= 3.2.14)
      builder (~> 3.0.0)
      erubis (~> 2.7.0)
      journey (~> 1.0.4)
      rack (~> 1.4.5)
      rack-cache (~> 1.2)
      rack-test (~> 0.6.1)
      sprockets (~> 2.2.1)
    activemodel (3.2.14)
      activesupport (= 3.2.14)
      builder (~> 3.0.0)
    activesupport (3.2.14)
      i18n (~> 0.6, >= 0.6.4)
      multi_json (~> 1.0)
    builder (3.0.4)
    chunky_png (1.2.8)
    coffee-script (2.2.0)
      coffee-script-source
      execjs
    coffee-script-source (1.6.3)
    compass (0.12.2)
      chunky_png (~> 1.2)
      fssm (>= 0.2.7)
      sass (~> 3.1)
    erubis (2.7.0)
    execjs (1.4.0)
      multi_json (~> 1.0)
    favicon_maker (0.2.3)
      mini_magick (~> 3.5)
    ffi (1.9.0)
    fssm (0.2.10)
    haml (4.0.3)
      tilt
    hike (1.2.3)
    httpclient (2.3.4.1)
    i18n (0.6.5)
    journey (1.0.4)
    json (1.8.0)
    kramdown (1.1.0)
    libv8 (3.16.14.3)
    listen (1.2.3)
      rb-fsevent (>= 0.9.3)
      rb-inotify (>= 0.9)
      rb-kqueue (>= 0.2)
    maruku (0.6.1)
      syntax (>= 1.0.0)
    middleman (3.1.4)
      coffee-script (~> 2.2.0)
      compass (>= 0.12.2)
      execjs (~> 1.4.0)
      haml (>= 3.1.6)
      kramdown (~> 1.1.0)
      middleman-core (= 3.1.4)
      middleman-more (= 3.1.4)
      middleman-sprockets (>= 3.1.2)
      sass (>= 3.1.20)
      uglifier (~> 2.1.0)
    middleman-blog (3.2.0)
      maruku (~> 0.6.0)
      middleman-core (~> 3.0)
      tzinfo (~> 0.3.0)
    middleman-core (3.1.4)
      activesupport (~> 3.2.6)
      bundler (~> 1.1)
      i18n (~> 0.6.1)
      listen (~> 1.2.2)
      rack (>= 1.4.5)
      rack-test (~> 0.6.1)
      thor (>= 0.15.2, < 2.0)
      tilt (~> 1.3.6)
    middleman-deploy (0.1.2)
      middleman-core (>= 3.0.0)
      net-sftp
      ptools
    middleman-favicon-maker (3.3)
      favicon_maker (~> 0.2.3)
      middleman-core (>= 3.0.0)
    middleman-minify-html (3.1.1)
      middleman-core (~> 3.0)
    middleman-more (3.1.4)
    middleman-smusher (3.0.0)
      middleman (>= 3.0.0)
      smusher (~> 0.4.9)
    middleman-sprockets (3.1.4)
      middleman-core (>= 3.0.14)
      middleman-more (>= 3.0.14)
      sprockets (~> 2.1)
      sprockets-helpers (~> 1.0.0)
      sprockets-sass (~> 1.0.0)
    middleman-syntax (1.2.1)
      middleman-core (~> 3.0)
      rouge (~> 0.3.0)
    mini_magick (3.6.0)
      subexec (~> 0.2.1)
    mini_portile (0.5.1)
    multi_json (1.7.9)
    net-sftp (2.1.2)
      net-ssh (>= 2.6.5)
    net-ssh (2.6.8)
    nokogiri (1.6.0)
      mini_portile (~> 0.5.0)
    oily_png (1.1.0)
      chunky_png (~> 1.2.7)
    oj (2.1.4)
    ptools (1.2.2)
    rack (1.4.5)
    rack-cache (1.2)
      rack (>= 0.4)
    rack-test (0.6.2)
      rack (>= 1.0)
    rake (10.1.0)
    rb-fsevent (0.9.3)
    rb-inotify (0.9.1)
      ffi (>= 0.5.0)
    rb-kqueue (0.2.0)
      ffi (>= 0.5.0)
    redcarpet (3.0.0)
    ref (1.0.5)
    rouge (0.3.10)
      thor
    sass (3.2.10)
    smusher (0.4.9)
      httpclient (>= 2.2)
      json
      rake
    sprockets (2.2.2)
      hike (~> 1.2)
      multi_json (~> 1.0)
      rack (~> 1.0)
      tilt (~> 1.1, != 1.3.0)
    sprockets-helpers (1.0.1)
      sprockets (~> 2.0)
    sprockets-sass (1.0.1)
      sprockets (~> 2.0)
      tilt (~> 1.1)
    subexec (0.2.3)
    syntax (1.0.0)
    therubyracer (0.12.0)
      libv8 (~> 3.16.14.0)
      ref
    thor (0.18.1)
    tilt (1.3.7)
    tzinfo (0.3.37)
    uglifier (2.1.2)
      execjs (>= 0.3.0)
      multi_json (~> 1.0, >= 1.0.2)
    zurb-foundation (4.3.1)
      sass (>= 3.2.0)

PLATFORMS
  ruby

DEPENDENCIES
  actionpack (>= 3.2)
  activesupport (>= 3.2)
  builder
  erubis
  middleman
  middleman-blog
  middleman-deploy
  middleman-favicon-maker
  middleman-minify-html
  middleman-smusher
  middleman-syntax
  multi_json
  nokogiri
  oily_png
  oj
  redcarpet
  therubyracer
  zurb-foundation
